GEM
  remote: http://rubygems.org/
  specs:
    excon (0.6.3)
    rack (1.2.2)
    sinatra (1.2.6)
      rack (~> 1.1)
      tilt (>= 1.2.2, < 2.0)
    tilt (1.3)

PLATFORMS
  ruby

DEPENDENCIES
  excon
  sinatra
